[System]
Scanner=Skyscan1172
Instrument S/N=12O01199
Hardware version=F
Software=Version 1. 5 (build 26)
Home directory=c:\SkyScan1172F_11MP_Hamamatsu
Source Type=Hamamatsu 100/250
Camera=Hamamatsu C9300 11Mp camera
Camera Pixel Size (um)=    8.80
CameraXYRatio=0.9927
Incl.in lifting (um/mm)=3.0875
[User]
User Name=hlushchuk
Computer Name=ANAKLIN18
[Acquisition]
Data directory=E:\doc\Gaby_TKI\Mouse1265_Skull_Gaby_TKI_7_96um_Al05_2K\proj
Filename Prefix=Mouse1265_Skull_Gaby_TKI_7_96um_Al05_2K_
Configuration=D:\doc\Results\Configurations\2018-04-27\2018-04-27
Number of Files=  902
Source Voltage (kV)=  59
Source Current (uA)= 167
Number of Rows= 1336
Number of Columns= 2000
Image crop origin X=   0
Image crop origin Y=0
Camera binning=2x2
Image Rotation=0.2300
Gantry direction=CC
Number of connected scans=    3
Number of lines to be reconstructed= 1090
Image Pixel Size (um)=    7.96
Object to Source (mm)=96.070
Camera to Source (mm)=212.399
Vertical Object Position (mm)=13.003
Optical Axis (line)= 743
Filter=Al 0.5 mm
Image Format=TIFF
Depth (bits)=16
Screen LUT=0
Exposure (ms)=   550
Rotation Step (deg)=0.400
Frame Averaging=ON (5)
Random Movement=ON (10)
Use 360 Rotation=YES
Geometrical Correction=ON
Camera Offset=OFF
Median Filtering=ON
Flat Field Correction=ON
Rotation Direction=CC
Scanning Trajectory=ROUND
Type Of Motion=STEP AND SHOOT
Study Date and Time=Feb 12, 2019  01:07:10
Scan duration=01:14:20
[Reconstruction]
Reconstruction Program=NRecon
Program Version=Version: 1.7.0.4
Program Home Directory=C:\Program Files (x86)\SkyScan
Reconstruction engine=InstaRecon
Engine version=Version: 2.0.3.5
Reconstruction from batch=Yes
Postalignment=-4.50
Connected Reconstruction (parts)=3
Sub-scan post alignment [0]=-4.800000
Sub-scan post alignment [1]=-5.000000
Sub-scan post alignment [2]=-4.500000
Sub-scan scan length [0]=1088
Sub-scan scan length [1]=1088
Sub-scan scan length [2]=1090
Used extra rotation per scan(deg)= 0.000  -0.157  -0.058 
Used extra shift in X per scan(micron)= 0.000  -2.556  -5.608 
Used extra shift in Y per scan(micron)= 0.000  1.894  6.340 
Reconstruction servers= ANAKLIN25 
Dataset Origin=Skyscan1172
Dataset Prefix=Mouse1265_Skull_Gaby_TKI_7_96um_Al05_2K_~02
Dataset Directory=S:\TKI_Skulls\Mouse1265_Skull_Gaby_TKI_7_96um_Al05_2K\proj
Output Directory=S:\TKI_Skulls\Mouse1265_Skull_Gaby_TKI_7_96um_Al05_2K\rec
Time and Date=Oct 22, 2019  15:43:00
First Section=106
Last Section=3400
Reconstruction duration per slice (seconds)=1.469913
Total reconstruction time (2177 slices) in seconds=3200.000000
Section to Section Step=1
Sections Count=3295
Result File Type=PNG
Result File Header Length (bytes)=Unknown: compressed JPG format (100%)
Result Image Width (pixels)=1492
Result Image Height (pixels)=1492
Pixel Size (um)=7.96489
Reconstruction Angular Range (deg)=360.00
Use 180+=OFF
Angular Step (deg)=0.4000
Smoothing=0
Ring Artifact Correction=7
Draw Scales=OFF
Object Bigger than FOV=OFF
Reconstruction from ROI=ON
ROI Top (pixels)=1727
ROI Bottom (pixels)=232
ROI Left (pixels)=271
ROI Right (pixels)=1766
ROI reference length=2000
Filter cutoff relative to Nyquist frequency=100
Filter type=0
Filter type description=Hamming (Alpha=0.54)
Undersampling factor=1
Threshold for defect pixel mask (%)=0
Beam Hardening Correction (%)=50
CS Static Rotation (deg)=248.47
Minimum for CS to Image Conversion=0.000000
Maximum for CS to Image Conversion=0.073745
HU Calibration=OFF
BMP LUT=0
Cone-beam Angle Horiz.(deg)=9.478782
Cone-beam Angle Vert.(deg)=6.339831
Automatic matching in Z=50
Automatic matching in X/Y=50
Automatic matching in rotation=5.000000
Automatic fusion=1
[File name convention]
Filename Index Length=4
Filename Prefix=Mouse1265_Skull_Gaby_TKI_7_96um_Al05_2K__IR_rec
