[System]
Scanner=SkyScan1272
Instrument S/N=15G09089-B
Software Version=1.4
Home Directory=C:\SkyScan1272\SkyScan1272
Source Type=HAMAMATSU_L11871_20
Camera Type=XIMEA xiRAY16
Camera Pixel Size (um)=7.4
Camera X/Y Ratio=1.0023
[User]
User Name=haberthu
Computer Name=ANAMIC02
[Acquisition]
Data Directory=D:\Results\NMBE\Diancta NSP\overview_10um\proj
Filename Prefix=Diancta
Filename Index Length=8
Number Of Files=  322
Number Of Rows= 1092
Number Of Columns= 1632
Partial Width=OFF
Image crop origin X=0
Image crop origin Y=0
Camera binning=3x3
Image Rotation=-0.08200
Optical Axis (line)=  580
Camera to Source (mm)=174.07267
Object to Source (mm)=58.80850
Source Voltage (kV)=  50
Source Current (uA)= 200
Image Pixel Size (um)=7.500021
Scaled Image Pixel Size (um)=7.500021
Image Format=TIFF
Depth (bits)=16
Reference Intensity=57000
Camera position=Close
Exposure (ms)=339
Rotation Step (deg)=0.600
Use 360 Rotation=NO
Scanning position=55.531 mm
Frame Averaging=ON (3)
Random Movement=OFF (30)
Flat Field Correction=ON
FF updating interval=46
Geometrical Correction=ON
Filter=No Filter
Gantry direction=CC
Rotation Direction=CC
Type of Detector Motion=STEP AND SHOOT
Scanning Trajectory=ROUND
Beam position=0
Skip extra frame=On
Source spot size=Small
Number Of Horizontal Offset Positions=1
Study Date and Time=15 Jun 2021  15h:07m:32s
Scan duration=0h:16m:16s
Maximum vertical TS=5.0
[Reconstruction]
Reconstruction Program=NRecon
Program Version=Version: 2.0.0.5
Program Home Directory=C:\SkyScan1272\SkyScan1272
Reconstruction engine=GPUReconServer
Engine version=Version: 2.0.0
Reconstruction from batch=Yes
Postalignment Applied=1
Postalignment=-32.50
Reconstruction servers= ANAMIC02 
Dataset Origin=SkyScan1272
Dataset Prefix=Diancta
Dataset Directory=D:\Results\NMBE\Diancta NSP\overview_10um\proj
Output Directory=D:\Results\NMBE\Diancta NSP\overview_10um\rec
Time and Date=15 Jun 2021  15h:17m:11s
First Section=537
Last Section=921
Reconstruction duration per slice (seconds)=0.020779
Total reconstruction time (385 slices) in seconds=8.000000
Section to Section Step=1
Sections Count=385
Result File Type=PNG
Result File Header Length (bytes)=Unknown: compressed JPG format (100%)
Result Image Width (pixels)=428
Result Image Height (pixels)=420
Pixel Size (um)=7.50002
Reconstruction Angular Range (deg)=193.20
Use 180+=OFF
Angular Step (deg)=0.6000
Smoothing=0
Ring Artifact Correction=0
Draw Scales=OFF
Object Bigger than FOV=OFF
Reconstruction from ROI=ON
ROI Top (pixels)=920
ROI Bottom (pixels)=500
ROI Left (pixels)=425
ROI Right (pixels)=855
ROI reference length=1632
Filter cutoff relative to Nyquist frequency=100
Filter type=0
Filter type description=Hamming (Alpha=0.54)
Undersampling factor=1
Threshold for defect pixel mask (%)=0
Beam Hardening Correction (%)=0
CS Static Rotation (deg)=0.00
CS Static Rotation Total(deg)=0.00
Minimum for CS to Image Conversion=0.000000
Maximum for CS to Image Conversion=1.065560
HU Calibration=OFF
BMP LUT=0
Cone-beam Angle Horiz.(deg)=11.882415
Cone-beam Angle Vert.(deg)=7.966493
[File name convention]
Filename Index Length=8
Filename Prefix=Diancta_rec
