[System]
Scanner=SkyScan1272
Instrument S/N=15G09089-B
Software Version=1.1.19
Home Directory=C:\SkyScan1272\SkyScan1272
Source Type=HAMAMATSU_L11871_20
Camera Type=XIMEA xiRAY16
Camera Pixel Size (um)=7.4
Camera X/Y Ratio=1.0023
[User]
User Name=haberthu
Computer Name=ANAMIC02
[Acquisition]
Data Directory=D:\Results\David\Muschel_klein\proj
Filename Prefix=Muschel_klein
Filename Index Length=8
Number Of Files=  940
Number Of Rows= 1640
Number Of Columns= 2452
Partial Width=OFF
Image crop origin X=0
Image crop origin Y=0
Camera binning=2x2
Image Rotation=0.16000
Optical Axis (line)=  894
Camera to Source (mm)=274.07267
Object to Source (mm)=200.04647
Source Voltage (kV)=  80
Source Current (uA)= 125
Image Pixel Size (um)=10.802565
Scaled Image Pixel Size (um)=10.802565
Image Format=TIFF
Depth (bits)=16
Reference Intensity=57000
Camera position=far
Exposure (ms)=3377
Rotation Step (deg)=0.200
Use 360 Rotation=NO
Scanning position=12.378 mm
Frame Averaging=ON (3)
Random Movement=OFF (30)
Flat Field Correction=ON
FF updating interval=188
Geometrical Correction=ON
Filter=Al 1mm
Gantry direction=CC
Rotation Direction=CC
Type of Detector Motion=STEP AND SHOOT
Scanning Trajectory=ROUND
Number Of Horizontal Offset Positions=1
Number of connected scans=1
Current scan number=1
Number of lines to be reconstructed=0
Study Date and Time=13 Nov 2019  19h:35m:18s
Scan duration=3h:51m:21s
Maximum vertical TS=2.0
Maximum horizontal TS=1.0
TS modified at=November14,09:13:02 ---  940 of 940 projections
TS modified according to=D:\Results\David\Muschel_klein\proj\Muschel_klein_TS.csv
TS modified at level=0
[Reconstruction]
Reconstruction Program=NRecon
Program Version=Version: 1.7.4.2
Program Home Directory=C:\SkyScan1272\SkyScan1272
Reconstruction engine=GPUReconServer
Engine version=Version: 1.7.4
Reconstruction from batch=Yes
Postalignment Applied=1
Postalignment=-2.00
Reconstruction servers= ANAMIC02 
Dataset Origin=SkyScan1272
Dataset Prefix=Muschel_klein
Dataset Directory=D:\Results\David\Muschel_klein\proj
Output Directory=D:\Results\David\Muschel_klein\rec
Time and Date=Nov 14, 2019  09:37:39
First Section=399
Last Section=1148
Reconstruction duration per slice (seconds)=0.125333
Total reconstruction time (750 slices) in seconds=94.000000
Section to Section Step=1
Sections Count=750
Result File Type=PNG
Result File Header Length (bytes)=Unknown: compressed JPG format (100%)
Result Image Width (pixels)=688
Result Image Height (pixels)=688
Pixel Size (um)=10.80256
Reconstruction Angular Range (deg)=188.00
Use 180+=OFF
Angular Step (deg)=0.2000
Smoothing=0
Ring Artifact Correction=7
Draw Scales=OFF
Object Bigger than FOV=OFF
Reconstruction from ROI=ON
ROI Top (pixels)=1497
ROI Bottom (pixels)=806
ROI Left (pixels)=1036
ROI Right (pixels)=1727
ROI reference length=2452
Filter cutoff relative to Nyquist frequency=100
Filter type=0
Filter type description=Hamming (Alpha=0.54)
Undersampling factor=1
Threshold for defect pixel mask (%)=0
Beam Hardening Correction (%)=100
CS Static Rotation (deg)=0.00
CS Static Rotation Total(deg)=0.00
Minimum for CS to Image Conversion=0.000000
Maximum for CS to Image Conversion=0.115186
HU Calibration=OFF
BMP LUT=0
Cone-beam Angle Horiz.(deg)=7.575404
Cone-beam Angle Vert.(deg)=5.070827
[File name convention]
Filename Index Length=8
Filename Prefix=Muschel_klein_rec
