[System]
Scanner=Skyscan1172
Instrument S/N=12O01199
Hardware version=F
Software=Version 1. 5 (build 23)
Home directory=c:\SkyScan1172F_11MP_Hamamatsu
Source Type=Hamamatsu 100/250
Camera=Hamamatsu C9300 11Mp camera
Camera Pixel Size (um)=    8.80
CameraXYRatio=0.9927
Incl.in lifting (um/mm)=3.0875
[User]
User Name=haberthu
Computer Name=ANAKLIN18
[Acquisition]
Data directory=D:\doc\Results\Zebra-Fish_Matthias\Control05\proj
Filename Prefix=Control05
Configuration=std
Number of Files= 3979
Source Voltage (kV)=  49
Source Current (uA)= 167
Number of Rows= 2672
Number of Columns= 4000
Image crop origin X=   0
Image crop origin Y=0
Camera binning=1x1
Image Rotation=0.2300
Gantry direction=CC
Image Pixel Size (um)=    1.66
Object to Source (mm)=40.030
Camera to Source (mm)=212.399
Vertical Object Position (mm)=44.000
Optical Axis (line)=1486
Filter=No Filter
Image Format=TIFF
Depth (bits)=16
Screen LUT=0
Exposure (ms)=   890
Rotation Step (deg)=0.050
Frame Averaging=ON (6)
Random Movement=OFF (10)
Use 360 Rotation=NO
Geometrical Correction=ON
Camera Offset=OFF
Median Filtering=ON
Flat Field Correction=ON
Rotation Direction=CC
Scanning Trajectory=ROUND
Type Of Motion=STEP AND SHOOT
Study Date and Time=Apr 11, 2018  03:13:01
Scan duration=08:55:28
Maximum vertical TS=16.0
Maximum horizontal TS=7.0
TS modified at=April16,09:55:44 ---  3978 of 3978 projections
TS modified according to=\\anaklin18\D\doc\Results\Zebra-Fish_Matthias\Control05\proj\Control05_TS.csv
TS modified at level=0
[Reconstruction]
Reconstruction Program=NRecon
Program Version=Version: 1.7.1.0
Program Home Directory=C:\Program Files\NReconServerLocal64
Reconstruction engine=GPUReconServer
Engine version=Version: 1.7.1
Reconstruction from batch=Yes
Postalignment=31.50
Reconstruction servers= ANAKLIN03 
Dataset Origin=Skyscan1172
Dataset Prefix=Control05
Dataset Directory=I:\Zebra-Fish_Matthias\Control05\proj
Output Directory=I:\Zebra-Fish_Matthias\Control05\rec2
Time and Date=Jul 17, 2018  17:02:33
First Section=2
Last Section=2670
Reconstruction duration per slice (seconds)=0.957662
Total reconstruction time (2669 slices) in seconds=2556.000000
Section to Section Step=1
Sections Count=2669
Result File Type=PNG
Result File Header Length (bytes)=Unknown: compressed JPG format (100%)
Result Image Width (pixels)=2184
Result Image Height (pixels)=2184
Pixel Size (um)=1.65905
Reconstruction Angular Range (deg)=198.90
Use 180+=OFF
Angular Step (deg)=0.0500
Smoothing=0
Ring Artifact Correction=20
Draw Scales=OFF
Object Bigger than FOV=OFF
Reconstruction from ROI=ON
ROI Top (pixels)=2420
ROI Bottom (pixels)=235
ROI Left (pixels)=71
ROI Right (pixels)=2256
ROI reference length=4000
Filter cutoff relative to Nyquist frequency=100
Filter type=0
Filter type description=Hamming (Alpha=0.54)
Undersampling factor=1
Threshold for defect pixel mask (%)=0
Beam Hardening Correction (%)=0
CS Static Rotation (deg)=0.00
Minimum for CS to Image Conversion=0.000000
Maximum for CS to Image Conversion=0.210366
HU Calibration=OFF
BMP LUT=0
Cone-beam Angle Horiz.(deg)=9.476846
Cone-beam Angle Vert.(deg)=6.338533
