[System]
Scanner=SkyScan1272
Instrument S/N=15G09089-B
Software Version=1.1.19
Home Directory=C:\SkyScan1272\SkyScan1272
Source Type=HAMAMATSU_L11871_20
Camera Type=XIMEA xiRAY16
Camera Pixel Size (um)=7.4
Camera X/Y Ratio=1.0023
[User]
User Name=fw13i082
Computer Name=ANAMIC02
[Acquisition]
Data Directory=D:\Results\Straumann\2834\2834_left_post_Cu_011_1272_360_5um\proj_3
Filename Prefix=2834_left_post_Cu_011_1272_360_5um_~00
Filename Index Length=8
Number Of Files= 1800
Number Of Rows= 1640
Number Of Columns= 2452
Partial Width=OFF
Image crop origin X=0
Image crop origin Y=0
Camera binning=2x2
Image Rotation=0.16000
Optical Axis (line)=  870
Camera to Source (mm)=174.07267
Object to Source (mm)=58.80850
Source Voltage (kV)= 100
Source Current (uA)= 100
Image Pixel Size (um)=5.000014
Scaled Image Pixel Size (um)=5.000014
Image Format=TIFF
Depth (bits)=16
Reference Intensity=57000
Camera position=close
Exposure (ms)=1073
Rotation Step (deg)=0.200
Use 360 Rotation=YES
Scanning position=7.361 mm
Frame Averaging=ON (3)
Random Movement=OFF (30)
Flat Field Correction=ON
FF updating interval=225
Geometrical Correction=ON
Filter=Cu 0.11mm
Gantry direction=CC
Rotation Direction=CC
Type of Detector Motion=STEP AND SHOOT
Scanning Trajectory=ROUND
Number Of Horizontal Offset Positions=1
Number of connected scans=2
Current scan number=1
Number of lines to be reconstructed=1095
Study Date and Time=10 Oct 2019  17h:44m:11s
Scan duration=2h:45m:10s
Maximum vertical TS=5.0
[Reconstruction]
Reconstruction Program=NRecon
Program Version=Version: 1.7.4.2
Program Home Directory=C:\Users\fw18u041\Downloads\NReconServerLocal64
Reconstruction engine=GPUReconServer
Engine version=Version: 1.7.4
Reconstruction from batch=No
Postalignment Applied=1
Connected Reconstruction (parts)=2
Sub-scan post alignment [0]=2.500000
Sub-scan post alignment [1]=1.000000
Sub-scan scan length [0]=1096
Sub-scan scan length [1]=1095
Used extra rotation per scan(deg)= 0.000  0.000 
Used extra shift in X per scan(micron)= 0.000  -2.440 
Used extra shift in Y per scan(micron)= 0.000  12.619 
Reconstruction servers= ANAKLIN04 
Dataset Origin=SkyScan1272
Dataset Prefix=2834_left_post_Cu_011_1272_360_5um_~01
Dataset Directory=F:\Straumann_2\1272_5um\2834\2834_left_post_Cu_011_1272_360_5um\proj_3
Output Directory=F:\Straumann_2\1272_5um\2834\2834_left_post_Cu_011_1272_360_5um\rec
Time and Date=Oct 10, 2019  21:40:10
First Section=349
Last Section=2254
Reconstruction duration per slice (seconds)=1.103008
Total reconstruction time (1097 slices) in seconds=1210.000000
Section to Section Step=1
Sections Count=1906
Result File Type=PNG
Result File Header Length (bytes)=Unknown: compressed JPG format (100%)
Result Image Width (pixels)=2452
Result Image Height (pixels)=2452
Pixel Size (um)=5.00001
Reconstruction Angular Range (deg)=360.00
Use 180+=OFF
Angular Step (deg)=0.2000
Smoothing=2
Smoothing kernel=2 (Gaussian)
Ring Artifact Correction=13
Draw Scales=OFF
Object Bigger than FOV=OFF
Reconstruction from ROI=OFF
Filter cutoff relative to Nyquist frequency=100
Filter type=0
Filter type description=Hamming (Alpha=0.54)
Undersampling factor=1
Threshold for defect pixel mask (%)=0
Beam Hardening Correction (%)=0
CS Static Rotation (deg)=0.00
CS Static Rotation Total(deg)=0.00
Minimum for CS to Image Conversion=0.000000
Maximum for CS to Image Conversion=0.170000
HU Calibration=OFF
BMP LUT=0
Cone-beam Angle Horiz.(deg)=11.901690
Cone-beam Angle Vert.(deg)=7.976189
Automatic matching in Z=50
Automatic matching in X/Y=50
Automatic matching in rotation=5.000000
Automatic fusion=1
[File name convention]
Filename Index Length=8
Filename Prefix=2834_left_post_Cu_011_1272_360_5um__rec
