[System]
Scanner=SkyScan1272
Instrument S/N=15G09089-B
Software Version=1.1.19
Home Directory=C:\SkyScan1272\SkyScan1272
Source Type=HAMAMATSU_L11871_20
Camera Type=XIMEA xiRAY16
Camera Pixel Size (um)=7.4
Camera X/Y Ratio=1.0023
[User]
User Name=haberthu
Computer Name=ANAMIC02
[Acquisition]
Data Directory=D:\Results\David\Toothpick\proj
Filename Prefix=Toothpick
Filename Index Length=8
Number Of Files=  315
Number Of Rows= 1092
Number Of Columns= 1632
Partial Width=OFF
Image crop origin X=0
Image crop origin Y=0
Camera binning=3x3
Image Rotation=0.16000
Optical Axis (line)=  596
Camera to Source (mm)=274.07267
Object to Source (mm)=27.78915
Source Voltage (kV)=  50
Source Current (uA)= 200
Image Pixel Size (um)=2.250932
Scaled Image Pixel Size (um)=2.250932
Image Format=TIFF
Depth (bits)=16
Reference Intensity=57000
Camera position=far
Exposure (ms)=614
Rotation Step (deg)=0.600
Use 360 Rotation=NO
Scanning position=22.000 mm
Frame Averaging=ON (3)
Random Movement=OFF (30)
Flat Field Correction=ON
Geometrical Correction=ON
Filter=No Filter
Gantry direction=CC
Rotation Direction=CC
Type of Detector Motion=STEP AND SHOOT
Scanning Trajectory=ROUND
Number Of Horizontal Offset Positions=1
Study Date and Time=17 Dec 2019  14h:57m:02s
Scan duration=0h:18m:15s
Maximum vertical TS=5.0
[Reconstruction]
Reconstruction Program=NRecon
Program Version=Version: 1.7.4.2
Program Home Directory=C:\SkyScan1272\SkyScan1272
Reconstruction engine=GPUReconServer
Engine version=Version: 1.7.4
Reconstruction from batch=Yes
Postalignment Applied=1
Postalignment=-3.50
Reconstruction servers= ANAMIC02 
Dataset Origin=SkyScan1272
Dataset Prefix=Toothpick
Dataset Directory=D:\Results\David\Toothpick\proj
Output Directory=D:\Results\David\Toothpick\rec
Time and Date=Dec 17, 2019  15:01:50
First Section=39
Last Section=1058
Reconstruction duration per slice (seconds)=0.105882
Total reconstruction time (1020 slices) in seconds=108.000000
Section to Section Step=1
Sections Count=1020
Result File Type=PNG
Result File Header Length (bytes)=Unknown: compressed JPG format (100%)
Result Image Width (pixels)=1224
Result Image Height (pixels)=1224
Pixel Size (um)=2.25093
Reconstruction Angular Range (deg)=189.00
Use 180+=OFF
Angular Step (deg)=0.6000
Smoothing=2
Smoothing kernel=2 (Gaussian)
Ring Artifact Correction=0
Draw Scales=OFF
Object Bigger than FOV=OFF
Reconstruction from ROI=ON
ROI Top (pixels)=1428
ROI Bottom (pixels)=204
ROI Left (pixels)=186
ROI Right (pixels)=1410
ROI reference length=1632
Filter cutoff relative to Nyquist frequency=100
Filter type=0
Filter type description=Hamming (Alpha=0.54)
Undersampling factor=1
Threshold for defect pixel mask (%)=0
Beam Hardening Correction (%)=0
CS Static Rotation (deg)=0.00
CS Static Rotation Total(deg)=0.00
Minimum for CS to Image Conversion=0.000000
Maximum for CS to Image Conversion=0.399482
HU Calibration=OFF
BMP LUT=0
Cone-beam Angle Horiz.(deg)=7.563079
Cone-beam Angle Vert.(deg)=5.064650
[File name convention]
Filename Index Length=8
Filename Prefix=Toothpick_rec
